GIT
  remote: https://github.com/lovehandle/asl
  revision: a2344d0936d7dcc33e1cc54ff6ab969d98ef8f49
  specs:
    asl (0.1.0)
      httparty
      nokogiri

GEM
  remote: https://rubygems.org/
  specs:
    chunky_png (1.3.8)
    compass (1.0.3)
      chunky_png (~> 1.2)
      compass-core (~> 1.0.2)
      compass-import-once (~> 1.0.5)
      rb-fsevent (>= 0.9.3)
      rb-inotify (>= 0.9)
      sass (>= 3.3.13, < 3.5)
    compass-core (1.0.3)
      multi_json (~> 1.0)
      sass (>= 3.3.0, < 3.5)
    compass-import-once (1.0.5)
      sass (>= 3.2, < 3.5)
    ffi (1.9.14)
    httparty (0.13.5)
      json (~> 1.8)
      multi_xml (>= 0.5.2)
    json (1.8.3)
    mini_portile (0.6.2)
    multi_json (1.12.1)
    multi_xml (0.5.5)
    nokogiri (1.6.6.2)
      mini_portile (~> 0.6.0)
    rb-fsevent (0.9.8)
    rb-inotify (0.9.7)
      ffi (>= 0.5.0)
    sass (3.4.23)
    trollop (2.1.2)

PLATFORMS
  ruby

DEPENDENCIES
  asl!
  compass
  trollop

BUNDLED WITH
   1.10.6
